PATH
  remote: .
  specs:
    premailer (1.27.0)
      addressable
      css_parser (>= 1.19.0)
      htmlentities (>= 4.0.0)

GEM
  remote: https://rubygems.org/
  specs:
    addressable (2.8.7)
      public_suffix (>= 2.0.2, < 7.0)
    ast (2.4.2)
    bigdecimal (3.1.8)
    bigdecimal (3.1.8-java)
    bump (0.10.0)
    coderay (1.1.3)
    crack (1.0.0)
      bigdecimal
      rexml
    css_parser (1.19.0)
      addressable
    ffi (1.17.0-java)
    hashdiff (1.1.1)
    htmlentities (4.3.4)
    jruby-openssl (0.15.0-java)
    json (2.7.2)
    json (2.7.2-java)
    language_server-protocol (3.17.0.3)
    maxitest (5.6.0)
      minitest (>= 5.14.0, < 5.25.0)
    method_source (1.1.0)
    mini_portile2 (2.8.7)
    minitest (5.24.1)
    nokogiri (1.16.7)
      mini_portile2 (~> 2.8.2)
      racc (~> 1.4)
    nokogiri (1.16.7-aarch64-linux)
      racc (~> 1.4)
    nokogiri (1.16.7-java)
      racc (~> 1.4)
    nokogiri (1.16.7-x86_64-linux)
      racc (~> 1.4)
    parallel (1.26.3)
    parser (3.3.4.2)
      ast (~> 2.4.1)
      racc
    pry (0.14.2)
      coderay (~> 1.1)
      method_source (~> 1.0)
    pry (0.14.2-java)
      coderay (~> 1.1)
      method_source (~> 1.0)
      spoon (~> 0.0)
    public_suffix (6.0.1)
    racc (1.8.1)
    racc (1.8.1-java)
    rainbow (3.1.1)
    rake (13.2.1)
    redcarpet (3.6.0)
    regexp_parser (2.9.2)
    rexml (3.3.6)
      strscan
    rubocop (1.62.1)
      json (~> 2.3)
      language_server-protocol (>= 3.17.0)
      parallel (~> 1.10)
      parser (>= 3.3.0.2)
      rainbow (>= 2.2.2, < 4.0)
      regexp_parser (>= 1.8, < 3.0)
      rexml (>= 3.2.5, < 4.0)
      rubocop-ast (>= 1.31.1, < 2.0)
      ruby-progressbar (~> 1.7)
      unicode-display_width (>= 2.4.0, < 3.0)
    rubocop-ast (1.32.1)
      parser (>= 3.3.1.0)
    rubocop-performance (1.21.1)
      rubocop (>= 1.48.1, < 2.0)
      rubocop-ast (>= 1.31.1, < 2.0)
    ruby-progressbar (1.13.0)
    spoon (0.0.6)
      ffi
    strscan (3.1.0)
    strscan (3.1.0-java)
    unicode-display_width (2.5.0)
    webmock (3.23.1)
      addressable (>= 2.8.0)
      crack (>= 0.3.2)
      hashdiff (>= 0.4.0, < 2.0.0)

PLATFORMS
  aarch64-linux
  java
  ruby
  x86_64-linux

DEPENDENCIES
  bump
  bundler (>= 1.3)
  jruby-openssl
  maxitest
  nokogiri (~> 1.16)
  premailer!
  pry
  rake (> 0.8, != 0.9.0)
  redcarpet (~> 3.0)
  rubocop (~> 1.62.1)
  rubocop-performance
  webmock

BUNDLED WITH
   2.5.6
